PATH
  remote: .
  specs:
    trav3 (0.0.2)

GEM
  remote: https://rubygems.org/
  specs:
    ansi (1.5.0)
    builder (3.2.3)
    codeclimate-test-reporter (1.0.8)
      simplecov (<= 0.13)
    color_pound_spec_reporter (0.0.9)
      bundler
      minitest
      minitest-reporters (>= 0.14.24)
      rake
    docile (1.1.5)
    json (2.1.0)
    minitest (5.11.3)
    minitest-reporters (1.1.19)
      ansi
      builder
      minitest (>= 5.0)
      ruby-progressbar
    rake (10.5.0)
    ruby-progressbar (1.9.0)
    simplecov (0.13.0)
      docile (~> 1.1.0)
      json (>= 1.8, < 3)
      simplecov-html (~> 0.10.0)
    simplecov-html (0.10.2)

PLATFORMS
  ruby

DEPENDENCIES
  bundler (~> 1.16)
  codeclimate-test-reporter (~> 1.0.0)
  color_pound_spec_reporter (~> 0.0.6)
  minitest (~> 5.10)
  minitest-reporters (~> 1.1)
  rake (~> 10.0)
  simplecov
  trav3!

BUNDLED WITH
   1.16.1
